GEM
  remote: https://rubygems.org/
  specs:
    actionview (7.0.3)
      activesupport (= 7.0.3)
      builder (~> 3.1)
      erubi (~> 1.4)
      rails-dom-testing (~> 2.0)
      rails-html-sanitizer (~> 1.1, >= 1.2.0)
    activesupport (7.0.3)
      concurrent-ruby (~> 1.0, >= 1.0.2)
      i18n (>= 1.6, < 2)
      minitest (>= 5.1)
      tzinfo (~> 2.0)
    addressable (2.8.7)
      public_suffix (>= 2.0.2, < 7.0)
    ast (2.4.2)
    aws-eventstream (1.3.1)
    aws-partitions (1.1057.0)
    aws-sdk-core (3.219.0)
      aws-eventstream (~> 1, >= 1.3.0)
      aws-partitions (~> 1, >= 1.992.0)
      aws-sigv4 (~> 1.9)
      base64
      jmespath (~> 1, >= 1.6.1)
    aws-sdk-dynamodb (1.75.0)
      aws-sdk-core (~> 3, >= 3.127.0)
      aws-sigv4 (~> 1.1)
    aws-sigv4 (1.11.0)
      aws-eventstream (~> 1, >= 1.0.2)
    backtrace (0.3.0)
    base58 (0.2.3)
    base64 (0.2.0)
    bigdecimal (3.1.9)
    buftok (0.2.0)
    builder (3.3.0)
    concurrent-ruby (1.1.10)
    crack (1.0.0)
      bigdecimal
      rexml
    crass (1.0.6)
    docile (1.4.1)
    domain_name (0.6.20240107)
    equalizer (0.0.11)
    erubi (1.13.1)
    faraday (2.12.2)
      faraday-net_http (>= 2.0, < 3.5)
      json
      logger
    faraday-net_http (3.4.0)
      net-http (>= 0.5.0)
    ffi (1.17.1)
    ffi (1.17.1-arm64-darwin)
    ffi (1.17.1-x64-mingw-ucrt)
    ffi (1.17.1-x86_64-darwin)
    ffi (1.17.1-x86_64-linux-gnu)
    ffi-compiler (1.3.2)
      ffi (>= 1.15.5)
      rake
    futex (0.8.6)
    glogin (0.13.0)
      base58 (>= 0.2)
      openssl (>= 2.0)
    haml (5.2.2)
      temple (>= 0.8.0)
      tilt
    hashdiff (1.1.2)
    http (4.4.1)
      addressable (~> 2.3)
      http-cookie (~> 1.0)
      http-form_data (~> 2.2)
      http-parser (~> 1.2.0)
    http-cookie (1.0.8)
      domain_name (~> 0.5)
    http-form_data (2.3.0)
    http-parser (1.2.3)
      ffi-compiler (>= 1.0, < 2.0)
    http_parser.rb (0.6.0)
    i18n (1.14.7)
      concurrent-ruby (~> 1.0)
    jmespath (1.6.2)
    json (2.10.1)
    listen (3.9.0)
      rb-fsevent (~> 0.10, >= 0.10.3)
      rb-inotify (~> 0.9, >= 0.9.10)
    logger (1.6.6)
    loofah (2.24.0)
      crass (~> 1.0.2)
      nokogiri (>= 1.12.0)
    mail (2.7.1)
      mini_mime (>= 0.1.1)
    memoizable (0.4.2)
      thread_safe (~> 0.3, >= 0.3.1)
    mini_mime (1.1.5)
    mini_portile2 (2.8.8)
    minitest (5.25.4)
    multi_json (1.15.0)
    multipart-post (2.4.1)
    mustermann (3.0.3)
      ruby2_keywords (~> 0.0.1)
    naught (1.1.0)
    net-http (0.6.0)
      uri
    nokogiri (1.13.10)
      mini_portile2 (~> 2.8.0)
      racc (~> 1.4)
    openssl (3.3.0)
    parallel (1.26.3)
    parser (3.3.7.1)
      ast (~> 2.4.1)
      racc
    power_assert (2.0.5)
    public_suffix (6.0.1)
    racc (1.8.1)
    rack (2.2.11)
    rack-protection (3.0.4)
      rack
    rack-ssl (1.4.1)
      rack
    rack-test (2.0.2)
      rack (>= 1.3)
    rails-dom-testing (2.2.0)
      activesupport (>= 5.0.0)
      minitest
      nokogiri (>= 1.6)
    rails-html-sanitizer (1.5.0)
      loofah (~> 2.19, >= 2.19.1)
    rainbow (3.1.1)
    rake (13.0.6)
    rb-fsevent (0.11.2)
    rb-inotify (0.11.1)
      ffi (~> 1.0)
    regexp_parser (2.10.0)
    rerun (0.13.1)
      listen (~> 3.0)
    rexml (3.4.1)
    rmagick (4.2.5)
    rss (0.3.0)
      rexml
    rubocop (1.31.1)
      json (~> 2.3)
      parallel (~> 1.10)
      parser (>= 3.1.0.0)
      rainbow (>= 2.2.2, < 4.0)
      regexp_parser (>= 1.8, < 3.0)
      rexml (>= 3.2.5, < 4.0)
      rubocop-ast (>= 1.18.0, < 2.0)
      ruby-progressbar (~> 1.7)
      unicode-display_width (>= 1.4.0, < 3.0)
    rubocop-ast (1.38.1)
      parser (>= 3.3.1.0)
    rubocop-minitest (0.27.0)
      rubocop (>= 0.90, < 2.0)
    rubocop-performance (1.19.1)
      rubocop (>= 1.7.0, < 2.0)
      rubocop-ast (>= 0.4.0)
    rubocop-rake (0.6.0)
      rubocop (~> 1.0)
    rubocop-rspec (2.11.1)
      rubocop (~> 1.19)
    ruby-progressbar (1.13.0)
    ruby2_keywords (0.0.5)
    sass (3.7.4)
      sass-listen (~> 4.0.0)
    sass-listen (4.0.0)
      rb-fsevent (~> 0.9, >= 0.9.4)
      rb-inotify (~> 0.9, >= 0.9.7)
    sentry-raven (3.1.2)
      faraday (>= 1.0)
    simple_oauth (0.3.1)
    simplecov (0.22.0)
      docile (~> 1.1)
      simplecov-html (~> 0.11)
      simplecov_json_formatter (~> 0.1)
    simplecov-html (0.13.1)
    simplecov_json_formatter (0.1.4)
    sinatra (3.0.4)
      mustermann (~> 3.0)
      rack (~> 2.2, >= 2.2.4)
      rack-protection (= 3.0.4)
      tilt (~> 2.0)
    sinatra-contrib (3.0.4)
      multi_json
      mustermann (~> 3.0)
      rack-protection (= 3.0.4)
      sinatra (= 3.0.4)
      tilt (~> 2.0)
    stripe (6.5.0)
    temple (0.10.3)
    test-unit (3.5.3)
      power_assert
    thread_safe (0.3.6)
    tilt (2.6.0)
    timeout-extensions (0.1.1)
    twitter (7.0.0)
      addressable (~> 2.3)
      buftok (~> 0.2.0)
      equalizer (~> 0.0.11)
      http (~> 4.0)
      http-form_data (~> 2.0)
      http_parser.rb (~> 0.6.0)
      memoizable (~> 0.4.0)
      multipart-post (~> 2.0)
      naught (~> 1.0)
      simple_oauth (~> 0.3.0)
    tzinfo (2.0.6)
      concurrent-ruby (~> 1.0)
    unicode-display_width (2.6.0)
    uri (1.0.3)
    webmock (3.14.0)
      addressable (>= 2.8.0)
      crack (>= 0.3.2)
      hashdiff (>= 0.4.0, < 2.0.0)
    webrick (1.8.1)
    xml-sitemap (1.3.3)
      builder (>= 2.0)

PLATFORMS
  arm64-darwin-23
  ruby
  x64-mingw-ucrt
  x86_64-darwin-19
  x86_64-linux

DEPENDENCIES
  actionview (= 7.0.3)
  activesupport (= 7.0.3)
  aws-sdk-dynamodb (= 1.75.0)
  backtrace (= 0.3.0)
  concurrent-ruby (= 1.1.10)
  futex (= 0.8.6)
  glogin (= 0.13.0)
  haml (= 5.2.2)
  mail (= 2.7.1)
  nokogiri (= 1.13.10)
  rack-ssl (= 1.4.1)
  rack-test (= 2.0.2)
  rake (= 13.0.6)
  rerun (= 0.13.1)
  rmagick (= 4.2.5)
  rss (= 0.3.0)
  rubocop (= 1.31.1)
  rubocop-minitest (> 0)
  rubocop-performance (> 0)
  rubocop-rake (> 0)
  rubocop-rspec (= 2.11.1)
  sass (= 3.7.4)
  sentry-raven (= 3.1.2)
  simplecov (= 0.22.0)
  sinatra (= 3.0.4)
  sinatra-contrib (= 3.0.4)
  stripe (= 6.5.0)
  test-unit (= 3.5.3)
  timeout-extensions (= 0.1.1)
  twitter (= 7.0.0)
  webmock (= 3.14.0)
  webrick (= 1.8.1)
  xml-sitemap (= 1.3.3)

BUNDLED WITH
   2.5.16
